PATH
  remote: .
  specs:
    ooura_fft (0.1.0)

GEM
  remote: https://rubygems.org/
  specs:
    minitest (5.25.1)
    rake (13.2.1)
    rake-compiler (1.2.8)
      rake

PLATFORMS
  ruby
  x86_64-linux

DEPENDENCIES
  bundler
  minitest (~> 5.16)
  ooura_fft!
  rake (~> 13.0)
  rake-compiler

BUNDLED WITH
   2.5.22
